GEM
  remote: https://rubygems.org/
  specs:
    activesupport (6.1.2.1)
      concurrent-ruby (~> 1.0, >= 1.0.2)
      i18n (>= 1.6, < 2)
      minitest (>= 5.1)
      tzinfo (~> 2.0)
      zeitwerk (~> 2.3)
    colorize (0.8.1)
    concurrent-ruby (1.1.8)
    i18n (1.8.9)
      concurrent-ruby (~> 1.0)
    io-console (0.5.8)
    irb (1.3.3)
      reline (>= 0.1.5)
    minitest (5.14.3)
    rake (13.0.3)
    reline (0.2.3)
      io-console (~> 0.5)
    rubygems-tasks (0.2.5)
      irb (~> 1.0)
    tzinfo (2.0.4)
      concurrent-ruby (~> 1.0)
    zeitwerk (2.4.2)

PLATFORMS
  ruby

DEPENDENCIES
  activesupport (~> 6.0)
  colorize
  rake
  rubygems-tasks

BUNDLED WITH
   2.2.0.rc.1
